GEM
  remote: http://rubygems.org/
  specs:
    addressable (2.3.8)
    blankslate (2.1.2.4)
    classifier-reborn (2.0.4)
      fast-stemmer (~> 1.0)
    coffee-script (2.4.1)
      coffee-script-source
      execjs
    coffee-script-source (1.10.0)
    colorator (0.1)
    colored (1.2)
    ethon (0.8.1)
      ffi (>= 1.3.0)
    execjs (2.6.0)
    faraday (0.9.2)
      multipart-post (>= 1.2, < 3)
    fast-stemmer (1.0.2)
    ffi (1.9.10)
    foreman (0.78.0)
      thor (~> 0.19.1)
    html-proofer (2.3.0)
      addressable (~> 2.3)
      colored (~> 1.2)
      mercenary (~> 0.3.2)
      nokogiri (~> 1.5)
      parallel (~> 1.3)
      typhoeus (~> 0.7)
      yell (~> 2.0)
    jekyll (2.4.0)
      classifier-reborn (~> 2.0)
      colorator (~> 0.1)
      jekyll-coffeescript (~> 1.0)
      jekyll-gist (~> 1.0)
      jekyll-paginate (~> 1.0)
      jekyll-sass-converter (~> 1.0)
      jekyll-watch (~> 1.1)
      kramdown (~> 1.3)
      liquid (~> 2.6.1)
      mercenary (~> 0.3.3)
      pygments.rb (~> 0.6.0)
      redcarpet (~> 3.1)
      safe_yaml (~> 1.0)
      toml (~> 0.1.0)
    jekyll-coffeescript (1.0.1)
      coffee-script (~> 2.2)
    jekyll-gist (1.4.0)
      octokit (~> 4.2)
    jekyll-paginate (1.1.0)
    jekyll-sass-converter (1.4.0)
      sass (~> 3.4)
    jekyll-sitemap (0.8.1)
    jekyll-watch (1.3.0)
      listen (~> 3.0)
    kramdown (1.9.0)
    liquid (2.6.3)
    listen (3.0.5)
      rb-fsevent (>= 0.9.3)
      rb-inotify (>= 0.9)
    mercenary (0.3.5)
    mini_portile2 (2.0.0)
    multipart-post (2.0.0)
    nokogiri (1.6.7.1)
      mini_portile2 (~> 2.0.0.rc2)
    octokit (4.2.0)
      sawyer (~> 0.6.0, >= 0.5.3)
    parallel (1.6.1)
    parslet (1.5.0)
      blankslate (~> 2.0)
    posix-spawn (0.3.11)
    pygments.rb (0.6.3)
      posix-spawn (~> 0.3.6)
      yajl-ruby (~> 1.2.0)
    rb-fsevent (0.9.7)
    rb-inotify (0.9.5)
      ffi (>= 0.5.0)
    redcarpet (3.3.4)
    safe_yaml (1.0.4)
    sass (3.4.20)
    sawyer (0.6.0)
      addressable (~> 2.3.5)
      faraday (~> 0.8, < 0.10)
    thor (0.19.1)
    toml (0.1.2)
      parslet (~> 1.5.0)
    typhoeus (0.8.0)
      ethon (>= 0.8.0)
    yajl-ruby (1.2.1)
    yell (2.0.5)

PLATFORMS
  ruby

DEPENDENCIES
  foreman (~> 0.78.0)
  html-proofer (~> 2.3.0)
  jekyll (~> 2.4.0)
  jekyll-sitemap (~> 0.8.1)
  kramdown (~> 1.9.0)
  sass (~> 3.4.16)

BUNDLED WITH
   1.10.0
